GEM
  remote: http://rubygems.org/
  specs:
    flickraw (0.9.5)

PLATFORMS
  ruby

DEPENDENCIES
  flickraw
